GIT
  remote: https://github.com/misteral/endpoint_base.git
  revision: da5f2365ebd848a09f09093681237011d4c8e714
  specs:
    endpoint_base (0.3)
      activesupport
      jbuilder
      json

PATH
  remote: .
  specs:
    shippingeasy_integration (0.1.2)
      endpoint_base (~> 0.3)
      httparty
      shipping_easy (~> 0.7.0)
      sinatra (~> 2.0.0)
      sinatra-logger (~> 0.3.2)
      tilt (~> 2.0.7)
      tilt-jbuilder (~> 0.7.1)

GEM
  remote: https://rubygems.org/
  specs:
    activesupport (5.1.1)
      concurrent-ruby (~> 1.0, >= 1.0.2)
      i18n (~> 0.7)
      minitest (~> 5.1)
      tzinfo (~> 1.1)
    coderay (1.1.1)
    concurrent-ruby (1.0.5)
    faraday (0.12.1)
      multipart-post (>= 1.2, < 3)
    faraday_middleware (0.11.0.1)
      faraday (>= 0.7.4, < 1.0)
    httparty (0.15.5)
      multi_xml (>= 0.5.2)
    i18n (0.8.1)
    jbuilder (2.6.4)
      activesupport (>= 3.0.0)
      multi_json (>= 1.2)
    json (1.8.6)
    m (1.5.1)
      method_source (>= 0.6.7)
      rake (>= 0.9.2.2)
    method_source (0.8.2)
    minitest (5.10.2)
    multi_json (1.12.1)
    multi_xml (0.6.0)
    multipart-post (2.0.0)
    mustermann (1.0.0)
    pry (0.10.4)
      coderay (~> 1.1.0)
      method_source (~> 0.8.1)
      slop (~> 3.4)
    rack (2.0.3)
    rack-protection (2.0.0)
      rack
    rack-test (0.6.3)
      rack (>= 1.0)
    rake (10.5.0)
    semantic_logger (4.1.1)
      concurrent-ruby (~> 1.0)
    shipping_easy (0.7.0)
      faraday (>= 0.8.7)
      faraday_middleware (>= 0.9.2)
      json (~> 1.8.0)
      rack (>= 1.4.5)
    sinatra (2.0.0)
      mustermann (~> 1.0)
      rack (~> 2.0)
      rack-protection (= 2.0.0)
      tilt (~> 2.0)
    sinatra-logger (0.3.2)
      semantic_logger
      sinatra
    slop (3.6.0)
    thread_safe (0.3.6)
    tilt (2.0.7)
    tilt-jbuilder (0.7.1)
      jbuilder
      tilt (>= 1.3.0, < 3)
    tzinfo (1.2.3)
      thread_safe (~> 0.1)

PLATFORMS
  ruby

DEPENDENCIES
  bundler (~> 1.15)
  endpoint_base!
  m
  minitest (~> 5.0)
  pry (~> 0.10.4)
  rack-test
  rake (~> 10.0)
  shipping_easy
  shippingeasy_integration!
  sinatra (~> 2.0.0)
  sinatra-logger (>= 0.3.2)
  tilt
  tilt-jbuilder

BUNDLED WITH
   1.15.4
